NUGET
  remote: https://nuget.org//api/v2
  specs:
    FAKE (4.0.3) - framework: net452
    NuGet.CommandLine (2.8.6) - framework: net452
