NUGET
  remote: https://api.nuget.org/v3/index.json
    FAKE (5.0)
